PATH
  remote: .
  specs:
    swissforecast (0.1.0)

GEM
  remote: http://rubygems.org/
  specs:
    addressable (2.4.0)
    crack (0.4.3)
      safe_yaml (~> 1.0.0)
    hashdiff (0.3.0)
    minitest (5.9.0)
    rake (11.2.2)
    safe_yaml (1.0.4)
    webmock (2.1.0)
      addressable (>= 2.3.6)
      crack (>= 0.3.2)
      hashdiff

PLATFORMS
  ruby

DEPENDENCIES
  minitest (~> 5.8)
  rake (~> 11.2)
  swissforecast!
  webmock (~> 2.1)

BUNDLED WITH
   1.10.6
